PATH
  remote: .
  specs:
    teachable (0.0.1)
      faraday
      json

GEM
  remote: https://rubygems.org/
  specs:
    faraday (0.13.1)
      multipart-post (>= 1.2, < 3)
    json (2.1.0)
    multipart-post (2.0.0)

PLATFORMS
  ruby

DEPENDENCIES
  teachable!

BUNDLED WITH
   1.15.4
